GEM
  remote: https://rubygems.org/
  specs:

PLATFORMS
  -darwin-21

DEPENDENCIES

BUNDLED WITH
   2.3.9
